GEM
  remote: https://rubygems.org/
  specs:
    actioncable (7.1.1)
      actionpack (= 7.1.1)
      activesupport (= 7.1.1)
      nio4r (~> 2.0)
      websocket-driver (>= 0.6.1)
      zeitwerk (~> 2.6)
    actionmailbox (7.1.1)
      actionpack (= 7.1.1)
      activejob (= 7.1.1)
      activerecord (= 7.1.1)
      activestorage (= 7.1.1)
      activesupport (= 7.1.1)
      mail (>= 2.7.1)
      net-imap
      net-pop
      net-smtp
    actionmailer (7.1.1)
      actionpack (= 7.1.1)
      actionview (= 7.1.1)
      activejob (= 7.1.1)
      activesupport (= 7.1.1)
      mail (~> 2.5, >= 2.5.4)
      net-imap
      net-pop
      net-smtp
      rails-dom-testing (~> 2.2)
    actionpack (7.1.1)
      actionview (= 7.1.1)
      activesupport (= 7.1.1)
      nokogiri (>= 1.8.5)
      rack (>= 2.2.4)
      rack-session (>= 1.0.1)
      rack-test (>= 0.6.3)
      rails-dom-testing (~> 2.2)
      rails-html-sanitizer (~> 1.6)
    actiontext (7.1.1)
      actionpack (= 7.1.1)
      activerecord (= 7.1.1)
      activestorage (= 7.1.1)
      activesupport (= 7.1.1)
      globalid (>= 0.6.0)
      nokogiri (>= 1.8.5)
    actionview (7.1.1)
      activesupport (= 7.1.1)
      builder (~> 3.1)
      erubi (~> 1.11)
      rails-dom-testing (~> 2.2)
      rails-html-sanitizer (~> 1.6)
    active_model_serializers (0.10.14)
      actionpack (>= 4.1)
      activemodel (>= 4.1)
      case_transform (>= 0.2)
      jsonapi-renderer (>= 0.1.1.beta1, < 0.3)
    activejob (7.1.1)
      activesupport (= 7.1.1)
      globalid (>= 0.3.6)
    activemodel (7.1.1)
      activesupport (= 7.1.1)
    activerecord (7.1.1)
      activemodel (= 7.1.1)
      activesupport (= 7.1.1)
      timeout (>= 0.4.0)
    activestorage (7.1.1)
      actionpack (= 7.1.1)
      activejob (= 7.1.1)
      activerecord (= 7.1.1)
      activesupport (= 7.1.1)
      marcel (~> 1.0)
    activesupport (7.1.1)
      base64
      bigdecimal
      concurrent-ruby (~> 1.0, >= 1.0.2)
      connection_pool (>= 2.2.5)
      drb
      i18n (>= 1.6, < 2)
      minitest (>= 5.1)
      mutex_m
      tzinfo (~> 2.0)
    addressable (2.8.5)
      public_suffix (>= 2.0.2, < 6.0)
    annotate (3.2.0)
      activerecord (>= 3.2, < 8.0)
      rake (>= 10.4, < 14.0)
    ast (2.4.2)
    axiom-types (0.1.1)
      descendants_tracker (~> 0.0.4)
      ice_nine (~> 0.11.0)
      thread_safe (~> 0.3, >= 0.3.1)
    base64 (0.1.1)
    bcrypt (3.1.19)
    better_errors (2.10.1)
      erubi (>= 1.0.0)
      rack (>= 0.9.0)
      rouge (>= 1.0.0)
    bigdecimal (3.1.4)
    binding_of_caller (1.0.0)
      debug_inspector (>= 0.0.1)
    bootsnap (1.17.0)
      msgpack (~> 1.2)
    brakeman (5.4.1)
    builder (3.2.4)
    capybara (3.39.2)
      addressable
      matrix
      mini_mime (>= 0.1.3)
      nokogiri (~> 1.8)
      rack (>= 1.6.0)
      rack-test (>= 0.6.3)
      regexp_parser (>= 1.5, < 3.0)
      xpath (~> 3.2)
    case_transform (0.2)
      activesupport
    coderay (1.1.3)
    coercible (1.0.0)
      descendants_tracker (~> 0.0.1)
    concurrent-ruby (1.2.2)
    connection_pool (2.4.1)
    crass (1.0.6)
    date (3.3.3)
    debug (1.8.0)
      irb (>= 1.5.0)
      reline (>= 0.3.1)
    debug_inspector (1.1.0)
    descendants_tracker (0.0.4)
      thread_safe (~> 0.3, >= 0.3.1)
    devise (4.9.2)
      bcrypt (~> 3.0)
      orm_adapter (~> 0.1)
      railties (>= 4.1.0)
      responders
      warden (~> 1.2.3)
    devise-i18n (1.11.0)
      devise (>= 4.9.0)
    diff-lcs (1.5.0)
    docile (1.4.0)
    drb (2.1.1)
      ruby2_keywords
    erubi (1.12.0)
    factory_bot (6.2.1)
      activesupport (>= 5.0.0)
    factory_bot_rails (6.2.0)
      factory_bot (~> 6.2.0)
      railties (>= 5.0.0)
    faker (3.2.1)
      i18n (>= 1.8.11, < 2)
    ffi (1.16.3)
    flay (2.13.1)
      erubi (~> 1.10)
      path_expander (~> 1.0)
      ruby_parser (~> 3.0)
      sexp_processor (~> 4.0)
    flog (4.8.0)
      path_expander (~> 1.0)
      ruby_parser (~> 3.1, > 3.1.0)
      sexp_processor (~> 4.8)
    geocoder (1.8.2)
    globalid (1.2.1)
      activesupport (>= 6.1)
    i18n (1.14.1)
      concurrent-ruby (~> 1.0)
    ice_nine (0.11.2)
    image_processing (1.12.2)
      mini_magick (>= 4.9.5, < 5)
      ruby-vips (>= 2.0.17, < 3)
    io-console (0.6.0)
    irb (1.8.3)
      rdoc
      reline (>= 0.3.8)
    json (2.6.3)
    jsonapi-renderer (0.2.2)
    jwt (2.7.1)
    kwalify (0.7.2)
    language_server-protocol (3.17.0.3)
    launchy (2.5.2)
      addressable (~> 2.8)
    loofah (2.21.4)
      crass (~> 1.0.2)
      nokogiri (>= 1.12.0)
    mail (2.8.1)
      mini_mime (>= 0.1.1)
      net-imap
      net-pop
      net-smtp
    marcel (1.0.2)
    matrix (0.4.2)
    method_source (1.0.0)
    mini_magick (4.12.0)
    mini_mime (1.1.5)
    minitest (5.20.0)
    msgpack (1.7.2)
    mutex_m (0.1.2)
    net-imap (0.4.3)
      date
      net-protocol
    net-pop (0.1.2)
      net-protocol
    net-protocol (0.2.1)
      timeout
    net-smtp (0.4.0)
      net-protocol
    nio4r (2.5.9)
    nokogiri (1.15.4-x86_64-linux)
      racc (~> 1.4)
    orm_adapter (0.5.0)
    parallel (1.23.0)
    parser (3.2.2.4)
      ast (~> 2.4.1)
      racc
    path_expander (1.1.1)
    pg (1.5.4)
    pry (0.14.2)
      coderay (~> 1.1)
      method_source (~> 1.0)
    psych (5.1.1.1)
      stringio
    public_suffix (5.0.3)
    puma (6.4.0)
      nio4r (~> 2.0)
    racc (1.7.1)
    rack (3.0.8)
    rack-session (2.0.0)
      rack (>= 3.0.0)
    rack-test (2.1.0)
      rack (>= 1.3)
    rackup (2.1.0)
      rack (>= 3)
      webrick (~> 1.8)
    rails (7.1.1)
      actioncable (= 7.1.1)
      actionmailbox (= 7.1.1)
      actionmailer (= 7.1.1)
      actionpack (= 7.1.1)
      actiontext (= 7.1.1)
      actionview (= 7.1.1)
      activejob (= 7.1.1)
      activemodel (= 7.1.1)
      activerecord (= 7.1.1)
      activestorage (= 7.1.1)
      activesupport (= 7.1.1)
      bundler (>= 1.15.0)
      railties (= 7.1.1)
    rails-dom-testing (2.2.0)
      activesupport (>= 5.0.0)
      minitest
      nokogiri (>= 1.6)
    rails-html-sanitizer (1.6.0)
      loofah (~> 2.21)
      nokogiri (~> 1.14)
    rails-i18n (7.0.8)
      i18n (>= 0.7, < 2)
      railties (>= 6.0.0, < 8)
    railties (7.1.1)
      actionpack (= 7.1.1)
      activesupport (= 7.1.1)
      irb
      rackup (>= 1.0.0)
      rake (>= 12.2)
      thor (~> 1.0, >= 1.2.2)
      zeitwerk (~> 2.6)
    rainbow (3.1.1)
    rake (13.1.0)
    ransack (4.1.1)
      activerecord (>= 6.1.5)
      activesupport (>= 6.1.5)
      i18n
    rdoc (6.5.0)
      psych (>= 4.0.0)
    reek (6.1.4)
      kwalify (~> 0.7.0)
      parser (~> 3.2.0)
      rainbow (>= 2.0, < 4.0)
    regexp_parser (2.8.2)
    reline (0.3.9)
      io-console (~> 0.5)
    responders (3.1.0)
      actionpack (>= 5.2)
      railties (>= 5.2)
    rexml (3.2.6)
    rouge (4.1.3)
    rspec-core (3.12.2)
      rspec-support (~> 3.12.0)
    rspec-expectations (3.12.3)
      diff-lcs (>= 1.2.0, < 2.0)
      rspec-support (~> 3.12.0)
    rspec-mocks (3.12.6)
      diff-lcs (>= 1.2.0, < 2.0)
      rspec-support (~> 3.12.0)
    rspec-rails (6.0.3)
      actionpack (>= 6.1)
      activesupport (>= 6.1)
      railties (>= 6.1)
      rspec-core (~> 3.12)
      rspec-expectations (~> 3.12)
      rspec-mocks (~> 3.12)
      rspec-support (~> 3.12)
    rspec-support (3.12.1)
    rubocop (1.57.1)
      base64 (~> 0.1.1)
      json (~> 2.3)
      language_server-protocol (>= 3.17.0)
      parallel (~> 1.10)
      parser (>= 3.2.2.4)
      rainbow (>= 2.2.2, < 4.0)
      regexp_parser (>= 1.8, < 3.0)
      rexml (>= 3.2.5, < 4.0)
      rubocop-ast (>= 1.28.1, < 2.0)
      ruby-progressbar (~> 1.7)
      unicode-display_width (>= 2.4.0, < 3.0)
    rubocop-ast (1.29.0)
      parser (>= 3.2.1.0)
    ruby-progressbar (1.13.0)
    ruby-vips (2.2.0)
      ffi (~> 1.12)
    ruby2_keywords (0.0.5)
    ruby_parser (3.20.3)
      sexp_processor (~> 4.16)
    rubycritic (4.9.0)
      flay (~> 2.13)
      flog (~> 4.7)
      launchy (>= 2.5.2)
      parser (>= 3.2.2.1)
      rainbow (~> 3.1.1)
      reek (~> 6.0, < 7.0)
      rexml
      ruby_parser (~> 3.20)
      simplecov (>= 0.22.0)
      tty-which (~> 0.5.0)
      virtus (~> 2.0)
    rubyzip (2.3.2)
    selenium-webdriver (4.10.0)
      rexml (~> 3.2, >= 3.2.5)
      rubyzip (>= 1.2.2, < 3.0)
      websocket (~> 1.0)
    sexp_processor (4.17.0)
    shoulda-matchers (5.3.0)
      activesupport (>= 5.2.0)
    simplecov (0.22.0)
      docile (~> 1.1)
      simplecov-html (~> 0.11)
      simplecov_json_formatter (~> 0.1)
    simplecov-html (0.12.3)
    simplecov_json_formatter (0.1.4)
    stringio (3.0.8)
    swagger-docs (0.2.9)
      activesupport (>= 3)
      rails (>= 3)
    thor (1.3.0)
    thread_safe (0.3.6)
    timeout (0.4.0)
    tty-which (0.5.0)
    tzinfo (2.0.6)
      concurrent-ruby (~> 1.0)
    unicode-display_width (2.5.0)
    virtus (2.0.0)
      axiom-types (~> 0.1)
      coercible (~> 1.0)
      descendants_tracker (~> 0.0, >= 0.0.3)
    warden (1.2.9)
      rack (>= 2.0.9)
    webdrivers (5.3.1)
      nokogiri (~> 1.6)
      rubyzip (>= 1.3.0)
      selenium-webdriver (~> 4.0, < 4.11)
    webrick (1.8.1)
    websocket (1.2.10)
    websocket-driver (0.7.6)
      websocket-extensions (>= 0.1.0)
    websocket-extensions (0.1.5)
    xpath (3.2.0)
      nokogiri (~> 1.8)
    zeitwerk (2.6.12)

PLATFORMS
  x86_64-linux

DEPENDENCIES
  active_model_serializers
  annotate (~> 3.1, >= 3.1.1)
  better_errors (~> 2.9, >= 2.9.1)
  binding_of_caller (~> 1.0)
  bootsnap
  brakeman (~> 5.2)
  capybara
  debug
  devise (~> 4.8, >= 4.8.1)
  devise-i18n (~> 1.10, >= 1.10.1)
  factory_bot_rails
  faker
  geocoder
  image_processing (>= 1.2)
  jwt
  pg (~> 1.1)
  pry (~> 0.14.1)
  puma (>= 5.0)
  rails (~> 7.1.1)
  rails-i18n (~> 7.0, >= 7.0.1)
  ransack
  rspec-rails
  rubocop (~> 1.36)
  rubycritic
  selenium-webdriver
  shoulda-matchers
  simplecov
  swagger-docs
  tzinfo-data
  webdrivers

RUBY VERSION
   ruby 3.2.2p53

BUNDLED WITH
   2.4.21
